GEM
  remote: https://rubygems.org/
  specs:
    czmq-ffi-gen (0.13.0)
      ffi (~> 1.9.10)
    cztop (0.11.4)
      czmq-ffi-gen (~> 0.13.0)
    ffi (1.9.18)
    mmonad (0.0.1.p2)
      cztop
      require_all
    require_all (1.4.0)

PLATFORMS
  ruby

DEPENDENCIES
  mmonad (= 0.0.1.p2)

BUNDLED WITH
   1.16.0
